GEM
  remote: https://rubygems.org/
  specs:
    cf-uaa-lib (1.3.10)
      multi_json
    daemons (1.1.9)
    diff-lcs (1.2.1)
    eventmachine (1.0.0)
    httpclient (2.3.3)
    json_pure (1.7.7)
    multi_json (1.3.6)
    nats (0.4.24)
      daemons (>= 1.1.5)
      eventmachine (>= 0.12.10)
      json_pure (>= 1.7.3)
      thin (>= 1.3.1)
    rack (1.5.2)
    rspec (2.13.0)
      rspec-core (~> 2.13.0)
      rspec-expectations (~> 2.13.0)
      rspec-mocks (~> 2.13.0)
    rspec-core (2.13.1)
    rspec-expectations (2.13.0)
      diff-lcs (>= 1.1.3, < 2.0)
    rspec-mocks (2.13.0)
    thin (1.3.1)
      daemons (>= 1.0.9)
      eventmachine (>= 0.12.6)
      rack (>= 1.0.0)
    yajl-ruby (1.1.0)

PLATFORMS
  ruby

DEPENDENCIES
  cf-uaa-lib
  httpclient
  nats
  rspec
  yajl-ruby
